GEM
  remote: https://rubygems.org/
  specs:
    apnotic (1.0.1)
      connection_pool (~> 2.0)
      net-http2 (>= 0.14, < 2)
    ast (2.3.0)
    connection_pool (2.2.1)
    http-2 (0.8.2)
    net-http2 (0.15.0)
      http-2 (= 0.8.2)
    parser (2.3.1.4)
      ast (~> 2.2)
    powerpack (0.1.1)
    rack (1.6.5)
    rack-protection (1.5.3)
      rack
    rainbow (2.1.0)
    rubocop (0.43.0)
      parser (>= 2.3.1.1, < 3.0)
      powerpack (~> 0.1)
      rainbow (>= 1.99.1, < 3.0)
      ruby-progressbar (~> 1.7)
      unicode-display_width (~> 1.0, >= 1.0.1)
    ruby-progressbar (1.8.1)
    sinatra (1.4.8)
      rack (~> 1.5)
      rack-protection (~> 1.4)
      tilt (>= 1.3, < 3)
    tilt (2.0.6)
    unicode-display_width (1.1.1)

PLATFORMS
  ruby

DEPENDENCIES
  apnotic
  rubocop
  sinatra

RUBY VERSION
   ruby 2.3.1p112

BUNDLED WITH
   1.13.6
